GEM
  remote: https://rubygems.org/
  specs:
    addressable (2.7.0)
      public_suffix (>= 2.0.2, < 5.0)
    dotenv (2.7.5)
    faraday (0.15.4)
      multipart-post (>= 1.2, < 3)
    licensee (9.11.0)
      dotenv (~> 2.0)
      octokit (~> 4.8.0)
      rugged (~> 0.24)
      thor (~> 0.19)
    minitest (5.12.0)
    multipart-post (2.1.1)
    octokit (4.8.0)
      sawyer (~> 0.8.0, >= 0.5.3)
    public_suffix (4.0.1)
    rugged (0.28.3.1)
    sawyer (0.8.2)
      addressable (>= 2.3.5)
      faraday (> 0.8, < 2.0)
    thor (0.20.3)

PLATFORMS
  ruby

DEPENDENCIES
  licensee (~> 9.11)
  minitest (~> 5.12)

BUNDLED WITH
   2.0.2
